GEM
  remote: https://rubygems.org/
  specs:
    diff-lcs (1.6.1)
    rspec (3.13.0)
      rspec-core (~> 3.13.0)
      rspec-expectations (~> 3.13.0)
      rspec-mocks (~> 3.13.0)
    rspec-core (3.13.3)
      rspec-support (~> 3.13.0)
    rspec-expectations (3.13.3)
      diff-lcs (>= 1.2.0, < 2.0)
      rspec-support (~> 3.13.0)
    rspec-mocks (3.13.2)
      diff-lcs (>= 1.2.0, < 2.0)
      rspec-support (~> 3.13.0)
    rspec-support (3.13.2)

PLATFORMS
  ruby
  x86_64-darwin-21

DEPENDENCIES
  rspec

RUBY VERSION
   ruby 3.3.7p123

BUNDLED WITH
   2.6.3
